GIT
  remote: git://github.com/luxflux/rtesseract.git
  revision: ed946fd0b3828c37a44fc874b3cada558914cf15
  branch: stdout-version-output
  specs:
    rtesseract (2.1.0)
      nokogiri

GEM
  remote: https://rubygems.org/
  specs:
    ffi (1.9.14)
    ffi-xattr (0.1.2)
      ffi
    listen (3.1.5)
      rb-fsevent (~> 0.9, >= 0.9.4)
      rb-inotify (~> 0.9, >= 0.9.7)
      ruby_dep (~> 1.2)
    mini_magick (4.5.1)
    mini_portile2 (2.1.0)
    nokogiri (1.6.8.1)
      mini_portile2 (~> 2.1.0)
    rack (1.6.4)
    rack_dav (0.4.1)
      ffi-xattr (~> 0.1)
      nokogiri (~> 1.5)
      rack (~> 1.4)
    rb-fsevent (0.9.7)
    rb-inotify (0.9.7)
      ffi (>= 0.5.0)
    ruby_dep (1.5.0)
    rugged (0.24.0)

PLATFORMS
  ruby

DEPENDENCIES
  listen
  mini_magick
  rack_dav
  rtesseract!
  rugged

BUNDLED WITH
   1.13.5
