GEM
  remote: https://rubygems.org/
  specs:
    mini_magick (4.2.3)
    rtesseract (1.2.6)

PLATFORMS
  ruby

DEPENDENCIES
  mini_magick
  rtesseract
